GEM
  remote: https://rubygems.org/
  specs:
    colorize (0.8.1)
    csv (3.1.2)
    equatable (0.6.1)
    necromancer (0.6.0)
    pastel (0.7.3)
      equatable (~> 0.6)
      tty-color (~> 0.5)
    strings (0.1.8)
      strings-ansi (~> 0.1)
      unicode-display_width (~> 1.5)
      unicode_utils (~> 1.4)
    strings-ansi (0.2.0)
    tty-box (0.5.0)
      pastel (~> 0.7.2)
      strings (~> 0.1.6)
      tty-cursor (~> 0.7)
    tty-color (0.5.1)
    tty-cursor (0.7.1)
    tty-font (0.5.0)
    tty-screen (0.7.1)
    tty-table (0.11.0)
      equatable (~> 0.6)
      necromancer (~> 0.5)
      pastel (~> 0.7.2)
      strings (~> 0.1.5)
      tty-screen (~> 0.7)
    unicode-display_width (1.7.0)
    unicode_utils (1.4.0)

PLATFORMS
  ruby

DEPENDENCIES
  colorize (~> 0.8.1)
  csv (~> 3.1)
  tty-box (~> 0.5.0)
  tty-font (~> 0.5.0)
  tty-table

BUNDLED WITH
   2.1.4
