GEM
  remote: https://rubygems.org/
  specs:
    csv (3.1.2)
    tty-font (0.5.0)

PLATFORMS
  ruby

DEPENDENCIES
  csv (~> 3.1)
  tty-font (~> 0.5.0)

BUNDLED WITH
   2.1.4
